PATH
  remote: ~/dev/garb
  specs:
    garb (0.9.6)
      activesupport (>= 2.2)
      multi_json (>= 1.3)

GEM
  remote: http://rubygems.org/
  specs:
    activesupport (3.2.8)
      i18n (~> 0.6)
      multi_json (~> 1.0)
    faraday (0.8.4)
      multipart-post (~> 1.1)
    garb-reporter (0.0.4)
      garb (>= 0.9.1)
    i18n (0.6.1)
    multi_json (1.3.6)
    multipart-post (1.1.5)
    simple_oauth (0.1.9)
    twitter (3.7.0)
      faraday (~> 0.8)
      multi_json (~> 1.3)
      simple_oauth (~> 0.1.6)

PLATFORMS
  ruby

DEPENDENCIES
  garb!
  garb-reporter
  twitter
